PATH
  remote: .
  specs:
    request_headers_logger (0.0.2)
      request_headers_middleware (~> 0.0.4)

GEM
  remote: https://rubygems.org/
  specs:
    activesupport (5.1.5)
      concurrent-ruby (~> 1.0, >= 1.0.2)
      i18n (~> 0.7)
      minitest (~> 5.1)
      tzinfo (~> 1.1)
    ast (2.4.0)
    concurrent-ruby (1.0.5)
    delayed_job (4.1.4)
      activesupport (>= 3.0, < 5.2)
    diff-lcs (1.2.5)
    docile (1.1.5)
    i18n (0.9.5)
      concurrent-ruby (~> 1.0)
    json (2.1.0)
    minitest (5.11.3)
    parallel (1.12.1)
    parser (2.5.0.2)
      ast (~> 2.4.0)
    powerpack (0.1.1)
    rack (1.6.5)
    rainbow (3.0.0)
    rake (12.0.0)
    request_headers_middleware (0.0.4)
      request_store
    request_store (1.4.0)
      rack (>= 1.4)
    rspec (3.5.0)
      rspec-core (~> 3.5.0)
      rspec-expectations (~> 3.5.0)
      rspec-mocks (~> 3.5.0)
    rspec-core (3.5.4)
      rspec-support (~> 3.5.0)
    rspec-expectations (3.5.0)
      diff-lcs (>= 1.2.0, < 2.0)
      rspec-support (~> 3.5.0)
    rspec-mocks (3.5.0)
      diff-lcs (>= 1.2.0, < 2.0)
      rspec-support (~> 3.5.0)
    rspec-support (3.5.0)
    rubocop (0.53.0)
      parallel (~> 1.10)
      parser (>= 2.5)
      powerpack (~> 0.1)
      rainbow (>= 2.2.2, < 4.0)
      ruby-progressbar (~> 1.7)
      unicode-display_width (~> 1.0, >= 1.0.1)
    ruby-progressbar (1.9.0)
    simplecov (0.12.0)
      docile (~> 1.1.0)
      json (>= 1.8, < 3)
      simplecov-html (~> 0.10.0)
    simplecov-html (0.10.0)
    thread_safe (0.3.6)
    tzinfo (1.2.5)
      thread_safe (~> 0.1)
    unicode-display_width (1.3.0)

PLATFORMS
  ruby

DEPENDENCIES
  delayed_job (~> 4.1, >= 4.1.4)
  rack (~> 1.6, >= 1.6.5)
  rake (~> 12.0, >= 12.0.0)
  request_headers_logger!
  rspec (~> 3.5, >= 3.5.0)
  rubocop (~> 0.53.0)
  simplecov (~> 0.12.0)

BUNDLED WITH
   1.16.1
